GIT
  remote: git://github.com/sinatra/sinatra.git
  revision: ba935c9d885ee811f5e8d12356fce4ad91545cbe
  specs:
    rack-protection (2.0.0)
      rack
    sinatra (2.0.0)
      mustermann (~> 1.0)
      rack (~> 2.0)
      rack-protection (= 2.0.0)
      tilt (~> 2.0)

GEM
  remote: https://rubygems.org/
  specs:
    mustermann (1.0.1)
    rack (2.0.3)
    tilt (2.0.8)

PLATFORMS
  ruby

DEPENDENCIES
  sinatra!

BUNDLED WITH
   1.15.4
